GIT
  remote: git://github.com/getsentry/raven-ruby.git
  revision: 3563a6b08bfde1d1b603b40cc092c0a75a2ab032
  specs:
    sentry-raven (0.7.1)
      faraday (>= 0.7.6)
      hashie (>= 1.1.0)
      uuidtools

GIT
  remote: git://github.com/github/gemoji.git
  revision: 8c96cb878f17eb0b516ad8e80ea296b812258118
  specs:
    gemoji (1.5.0)

GIT
  remote: git://github.com/jgorset/guard-rspec.git
  revision: ba1478e27ec4bc5a452e4c37a92bb00794c878a4
  branch: rspec-3.0.0
  specs:
    guard-rspec (4.2.0)
      guard (>= 2.1.1)
      rspec (~> 3.0.0.beta, >= 2.14, < 4.0)

GEM
  remote: https://rubygems.org/
  specs:
    actionmailer (4.1.0.beta1)
      actionpack (= 4.1.0.beta1)
      actionview (= 4.1.0.beta1)
      mail (~> 2.5.4)
    actionpack (4.1.0.beta1)
      actionview (= 4.1.0.beta1)
      activesupport (= 4.1.0.beta1)
      rack (~> 1.5.2)
      rack-test (~> 0.6.2)
    actionview (4.1.0.beta1)
      activesupport (= 4.1.0.beta1)
      builder (~> 3.1)
      erubis (~> 2.7.0)
    active_model_serializers (0.8.1)
      activemodel (>= 3.0)
    activemodel (4.1.0.beta1)
      activesupport (= 4.1.0.beta1)
      builder (~> 3.1)
    activerecord (4.1.0.beta1)
      activemodel (= 4.1.0.beta1)
      activesupport (= 4.1.0.beta1)
      arel (~> 5.0.0)
    activesupport (4.1.0.beta1)
      i18n (~> 0.6, >= 0.6.9)
      json (~> 1.7, >= 1.7.7)
      minitest (~> 5.1)
      thread_safe (~> 0.1)
      tzinfo (~> 1.1)
    arel (5.0.0)
    atomic (1.1.14)
    barber (0.4.2)
      ember-source
      execjs
      handlebars-source
    bcrypt-ruby (3.1.2)
    better_errors (1.1.0)
      coderay (>= 1.0.0)
      erubis (>= 2.6.6)
    binding_of_caller (0.7.2)
      debug_inspector (>= 0.0.1)
    bourbon (3.1.8)
      sass (>= 3.2.0)
      thor
    builder (3.2.2)
    celluloid (0.15.2)
      timers (~> 1.1.0)
    certified (0.1.1)
    coderay (1.1.0)
    commonjs (0.2.7)
    coveralls (0.7.0)
      multi_json (~> 1.3)
      rest-client
      simplecov (>= 0.7)
      term-ansicolor
      thor
    daemons (1.1.9)
    debug_inspector (0.0.2)
    diff-lcs (1.2.5)
    docile (1.1.1)
    ember-data-source (0.14)
      ember-source
    ember-rails (0.14.1)
      active_model_serializers
      barber (>= 0.4.1)
      ember-data-source
      ember-source
      execjs (>= 1.2)
      handlebars-source
      jquery-rails (>= 1.0.17)
      railties (>= 3.1)
    ember-source (1.2.0.1)
      handlebars-source (~> 1.1.2)
    erubis (2.7.0)
    eventmachine (1.0.3)
    execjs (2.0.2)
    fabrication (2.9.3)
    fakeweb (1.3.0)
    faraday (0.8.8)
      multipart-post (~> 1.2.0)
    ffi (1.9.3)
    formatador (0.2.4)
    guard (2.2.5)
      formatador (>= 0.2.4)
      listen (~> 2.1)
      lumberjack (~> 1.0)
      pry (>= 0.9.12)
      thor (>= 0.18.1)
    handlebars-source (1.1.2)
    hashie (2.0.5)
    hike (1.2.3)
    hiredis (0.4.5)
    i18n (0.6.9)
    jquery-rails (3.0.4)
      railties (>= 3.0, < 5.0)
      thor (>= 0.14, < 2.0)
    json (1.8.1)
    kgio (2.8.1)
    less (2.4.0)
      commonjs (~> 0.2.7)
    less-rails (2.4.2)
      actionpack (>= 3.1)
      less (~> 2.4.0)
    libv8 (3.16.14.3)
    listen (2.4.0)
      celluloid (>= 0.15.2)
      rb-fsevent (>= 0.9.3)
      rb-inotify (>= 0.9)
    lumberjack (1.0.4)
    mail (2.5.4)
      mime-types (~> 1.16)
      treetop (~> 1.4.8)
    metaclass (0.0.1)
    method_source (0.8.2)
    mime-types (1.25.1)
    minitest (5.2.0)
    mocha (0.14.0)
      metaclass (~> 0.0.1)
    mock_redis (0.10.0)
    multi_json (1.8.2)
    multipart-post (1.2.0)
    pg (0.17.1)
    polyglot (0.3.3)
    pry (0.9.12.4)
      coderay (~> 1.0)
      method_source (~> 0.8)
      slop (~> 3.4)
    pry-nav (0.2.3)
      pry (~> 0.9.10)
    pry-rails (0.3.2)
      pry (>= 0.9.10)
    puma (2.7.1)
      rack (>= 1.1, < 2.0)
    qunit-rails (0.0.4)
      railties (>= 3.2.3)
    rack (1.5.2)
    rack-test (0.6.2)
      rack (>= 1.0)
    rails (4.1.0.beta1)
      actionmailer (= 4.1.0.beta1)
      actionpack (= 4.1.0.beta1)
      actionview (= 4.1.0.beta1)
      activemodel (= 4.1.0.beta1)
      activerecord (= 4.1.0.beta1)
      activesupport (= 4.1.0.beta1)
      bundler (>= 1.3.0, < 2.0)
      railties (= 4.1.0.beta1)
      sprockets-rails (~> 2.0.0)
    railties (4.1.0.beta1)
      actionpack (= 4.1.0.beta1)
      activesupport (= 4.1.0.beta1)
      rake (>= 0.8.7)
      thor (>= 0.18.1, < 2.0)
    raindrops (0.12.0)
    rake (10.1.1)
    rb-fsevent (0.9.3)
    rb-inotify (0.9.3)
      ffi (>= 0.5.0)
    redis (3.0.6)
    redis-actionpack (4.0.0)
      actionpack (~> 4)
      redis-rack (~> 1.5.0)
      redis-store (~> 1.1.0)
    redis-activesupport (4.0.0)
      activesupport (~> 4)
      redis-store (~> 1.1.0)
    redis-rack (1.5.0)
      rack (~> 1.5)
      redis-store (~> 1.1.0)
    redis-rails (4.0.0)
      redis-actionpack (~> 4)
      redis-activesupport (~> 4)
      redis-store (~> 1.1.0)
    redis-store (1.1.4)
      redis (>= 2.2)
    ref (1.0.5)
    rest-client (1.6.7)
      mime-types (>= 1.16)
    rspec (3.0.0.beta1)
      rspec-core (= 3.0.0.beta1)
      rspec-expectations (= 3.0.0.beta1)
      rspec-mocks (= 3.0.0.beta1)
    rspec-collection_matchers (0.0.2)
      rspec-expectations (>= 2.99.0.beta1)
    rspec-core (3.0.0.beta1)
    rspec-expectations (3.0.0.beta1)
      diff-lcs (>= 1.1.3, < 2.0)
      rspec-support (= 3.0.0.beta1)
    rspec-mocks (3.0.0.beta1)
    rspec-rails (3.0.0.beta1)
      actionpack (>= 3.0)
      activemodel (>= 3.0)
      activesupport (>= 3.0)
      railties (>= 3.0)
      rspec-collection_matchers
      rspec-core (= 3.0.0.beta1)
      rspec-expectations (= 3.0.0.beta1)
      rspec-mocks (= 3.0.0.beta1)
    rspec-support (3.0.0.beta1)
    sass (3.2.13)
    sass-rails (4.0.1)
      railties (>= 4.0.0, < 5.0)
      sass (>= 3.1.10)
      sprockets-rails (~> 2.0.0)
    shoulda (3.5.0)
      shoulda-context (~> 1.0, >= 1.0.1)
      shoulda-matchers (>= 1.4.1, < 3.0)
    shoulda-context (1.1.6)
    shoulda-matchers (2.4.0)
      activesupport (>= 3.0.0)
    simplecov (0.8.2)
      docile (~> 1.1.0)
      multi_json
      simplecov-html (~> 0.8.0)
    simplecov-html (0.8.0)
    slim (2.0.2)
      temple (~> 0.6.6)
      tilt (>= 1.3.3, < 2.1)
    slim-rails (2.0.4)
      actionpack (>= 3.0, < 4.1)
      activesupport (>= 3.0, < 4.1)
      railties (>= 3.0, < 4.1)
      slim (~> 2.0)
    slop (3.4.7)
    spring (1.0.0)
    spring-commands-rspec (1.0.1)
      spring (>= 0.9.1)
    sprockets (2.10.1)
      hike (~> 1.2)
      multi_json (~> 1.0)
      rack (~> 1.0)
      tilt (~> 1.1, != 1.3.0)
    sprockets-rails (2.0.1)
      actionpack (>= 3.0)
      activesupport (>= 3.0)
      sprockets (~> 2.8)
    temple (0.6.7)
    term-ansicolor (1.2.2)
      tins (~> 0.8)
    terminal-notifier-guard (1.5.3)
    therubyracer (0.12.0)
      libv8 (~> 3.16.14.0)
      ref
    thin (1.6.1)
      daemons (>= 1.0.9)
      eventmachine (>= 1.0.0)
      rack (>= 1.0.0)
    thor (0.18.1)
    thread_safe (0.1.3)
      atomic
    tilt (1.4.1)
    timecop (0.7.0)
    timers (1.1.0)
    tins (0.13.1)
    treetop (1.4.15)
      polyglot
      polyglot (>= 0.3.1)
    tzinfo (1.1.0)
      thread_safe (~> 0.1)
    uglifier (2.4.0)
      execjs (>= 0.3.0)
      json (>= 1.8.0)
    unicorn (4.7.0)
      kgio (~> 2.6)
      rack
      raindrops (~> 0.7)
    uuidtools (2.1.4)

PLATFORMS
  ruby

DEPENDENCIES
  active_model_serializers
  bcrypt-ruby (~> 3.1.2)
  better_errors
  binding_of_caller
  bourbon
  certified
  coveralls
  ember-rails
  fabrication
  fakeweb (~> 1.3.0)
  gemoji!
  guard
  guard-rspec!
  hiredis
  jquery-rails
  less-rails
  mocha
  mock_redis
  pg
  pry-nav
  pry-rails
  puma
  qunit-rails
  rails (= 4.1.0.beta1)
  rb-fsevent
  rb-inotify (~> 0.9)
  redis
  redis-rails
  rspec-rails (= 3.0.0.beta1)
  sass-rails (~> 4.0.0.rc1)
  sentry-raven!
  shoulda
  simplecov
  slim-rails
  spring
  spring-commands-rspec
  terminal-notifier-guard
  therubyracer
  thin
  timecop
  uglifier (>= 1.3.0)
  unicorn
